GEM
  remote: https://rubygems.org/
  specs:
    activesupport (4.2.7)
      i18n (~> 0.7)
      json (~> 1.7, >= 1.7.7)
      minitest (~> 5.1)
      thread_safe (~> 0.3, >= 0.3.4)
      tzinfo (~> 1.1)
    colorator (0.1)
    ffi (1.9.8)
    gemoji (2.1.0)
    html-pipeline (2.4.2)
      activesupport (>= 2)
      nokogiri (>= 1.4)
    i18n (0.7.0)
    jekyll (3.0.1)
      colorator (~> 0.1)
      jekyll-sass-converter (~> 1.0)
      jekyll-watch (~> 1.1)
      kramdown (~> 1.3)
      liquid (~> 3.0)
      mercenary (~> 0.3.3)
      rouge (~> 1.7)
      safe_yaml (~> 1.0)
    jekyll-feed (0.6.0)
    jekyll-redirect-from (0.11.0)
      jekyll (>= 2.0)
    jekyll-sass-converter (1.3.0)
      sass (~> 3.2)
    jekyll-seo-tag (1.4.0)
      jekyll (~> 3.0)
    jekyll-watch (1.3.0)
      listen (~> 3.0)
    jemoji (0.7.0)
      activesupport (~> 4.0)
      gemoji (~> 2.0)
      html-pipeline (~> 2.2)
      jekyll (>= 3.0)
    json (1.8.3)
    kramdown (1.9.0)
    liquid (3.0.6)
    listen (3.0.5)
      rb-fsevent (>= 0.9.3)
      rb-inotify (>= 0.9)
    mercenary (0.3.5)
    mini_portile (0.6.2)
    minitest (5.9.0)
    nokogiri (1.6.6.2)
      mini_portile (~> 0.6.0)
    posix-spawn (0.3.11)
    pygments.rb (0.6.3)
      posix-spawn (~> 0.3.6)
      yajl-ruby (~> 1.2.0)
    rake (10.4.2)
    rb-fsevent (0.9.6)
    rb-inotify (0.9.5)
      ffi (>= 0.5.0)
    redcarpet (3.3.0)
    rouge (1.10.1)
    safe_yaml (1.0.4)
    sass (3.4.19)
    thread_safe (0.3.5)
    tzinfo (1.2.2)
      thread_safe (~> 0.1)
    yajl-ruby (1.2.1)

PLATFORMS
  ruby

DEPENDENCIES
  gemoji
  jekyll (~> 3.0)
  jekyll-feed
  jekyll-redirect-from
  jekyll-seo-tag
  jemoji
  nokogiri
  pygments.rb (~> 0.6.3)
  rake
  redcarpet

BUNDLED WITH
   1.12.5
